PATH
  remote: .
  specs:
    rcurtain (0.0.7)
      hiredis
      redis (~> 3.2)

GEM
  remote: https://rubygems.org/
  specs:
    diff-lcs (1.2.5)
    fakeredis (0.7.0)
      redis (>= 3.2, < 5.0)
    hiredis (0.6.1)
    redis (3.3.5)
    rspec (3.4.0)
      rspec-core (~> 3.4.0)
      rspec-expectations (~> 3.4.0)
      rspec-mocks (~> 3.4.0)
    rspec-core (3.4.4)
      rspec-support (~> 3.4.0)
    rspec-expectations (3.4.0)
      diff-lcs (>= 1.2.0, < 2.0)
      rspec-support (~> 3.4.0)
    rspec-mocks (3.4.1)
      diff-lcs (>= 1.2.0, < 2.0)
      rspec-support (~> 3.4.0)
    rspec-support (3.4.1)

PLATFORMS
  ruby

DEPENDENCIES
  fakeredis
  rcurtain!
  rspec

BUNDLED WITH
   1.16.1
